GEM
  remote: https://rubygems.org/
  specs:
    coderay (1.1.1)
    f00px (0.4.1)
      faraday_middleware (~> 0.9.0)
      simple_oauth (~> 0.2.0)
    faraday (0.9.2)
      multipart-post (>= 1.2, < 3)
    faraday_middleware (0.9.2)
      faraday (>= 0.7.4, < 0.10)
    flickraw (0.9.8)
    method_source (0.8.2)
    multipart-post (2.0.0)
    pry (0.10.3)
      coderay (~> 1.1.0)
      method_source (~> 0.8.1)
      slop (~> 3.4)
    simple_oauth (0.2.0)
    slop (3.6.0)

PLATFORMS
  ruby

DEPENDENCIES
  f00px
  flickraw
  pry

BUNDLED WITH
   1.12.3
