GEM
  remote: https://rubygems.org/
  specs:
    f00px (0.4.1)
      faraday_middleware (~> 0.9.0)
      simple_oauth (~> 0.2.0)
    faraday (0.9.2)
      multipart-post (>= 1.2, < 3)
    faraday_middleware (0.9.2)
      faraday (>= 0.7.4, < 0.10)
    flickraw (0.9.8)
    multipart-post (2.0.0)
    simple_oauth (0.2.0)

PLATFORMS
  ruby

DEPENDENCIES
  f00px
  flickraw

BUNDLED WITH
   1.12.3
